GEM
  remote: https://rubygems.org/
  specs:
    domain_name (0.5.13)
      unf (>= 0.0.5, < 1.0.0)
    http-cookie (1.0.1)
      domain_name (~> 0.5)
    json (1.8.0)
    mechanize (2.7.2)
      domain_name (~> 0.5, >= 0.5.1)
      http-cookie (~> 1.0.0)
      mime-types (~> 1.17, >= 1.17.2)
      net-http-digest_auth (~> 1.1, >= 1.1.1)
      net-http-persistent (~> 2.5, >= 2.5.2)
      nokogiri (~> 1.4)
      ntlm-http (~> 0.1, >= 0.1.1)
      webrobots (>= 0.0.9, < 0.2)
    mime-types (1.24)
    net-http-digest_auth (1.4)
    net-http-persistent (2.9)
    nokogiri (1.5.10)
    ntlm-http (0.1.1)
    unf (0.1.2)
      unf_ext
    unf_ext (0.0.6)
    webrobots (0.1.1)

PLATFORMS
  ruby

DEPENDENCIES
  json
  mechanize
  nokogiri (~> 1.5.0)
  unf (= 0.1.2)
  unf_ext (= 0.0.6)
